PATH
  remote: .
  specs:
    github-grep (0.0.0)

GEM
  remote: https://rubygems.org/
  specs:
    bump (0.5.3)
    rake (11.3.0)

PLATFORMS
  ruby

DEPENDENCIES
  bump
  github-grep!
  rake

BUNDLED WITH
   2.1.4
